GEM
  remote: http://rubygems.org/
  specs:
    addressable (2.2.8)
    backports (2.6.1)
    bond (0.4.2)
    json (1.7.3)
    libxml-ruby (2.3.2)
    mime-types (1.18)
    mixlib-cli (1.2.2)
    rack (1.4.1)
    rack-cache (1.2)
      rack (>= 0.4)
    rake (0.8.7)
    rb-readline (0.4.2)
    rest-client (1.6.7)
      mime-types (>= 1.16)
    rest-client-components (1.2.0)
      rack (>= 1.0.1)
      rest-client (>= 1.6.0, < 1.7.0)
    restfully (1.0.5)
      addressable
      backports
      json (~> 1.5)
      rack-cache
      rb-readline
      rest-client (~> 1.6)
      rest-client-components
      ripl (= 0.6.1)
      ripl-color_streams
      ripl-multi_line
      ripl-play (~> 0.2.1)
      ripl-short_errors
    ripl (0.6.1)
      bond (~> 0.4.0)
    ripl-color_streams (0.1.2)
      ripl (>= 0.2.8)
    ripl-multi_line (0.3.0)
      ripl (>= 0.3.6)
    ripl-play (0.2.1)
      ripl (>= 0.3.0)
    ripl-short_errors (0.1.0)
      ripl (>= 0.2.8)

PLATFORMS
  ruby

DEPENDENCIES
  json (>= 1.4.6)
  libxml-ruby
  mixlib-cli (>= 1.1.0)
  rake (= 0.8.7)
  restfully
